GEM
  remote: https://rubygems.org/
  specs:
    minitest (5.8.3)

PLATFORMS
  ruby

DEPENDENCIES
  minitest (~> 5.8, >= 5.8.2)

BUNDLED WITH
   1.10.6
